GEM
  remote: http://rubygems.org/
  specs:
    compass (0.10.6)
      haml (>= 3.0.4)
    haml (3.0.24)
    rack (1.2.1)
    shotgun (0.8)
      rack (>= 1.0)
    sinatra (1.0)
      rack (>= 1.0)

PLATFORMS
  ruby

DEPENDENCIES
  compass (~> 0.10.1)
  haml (~> 3.0)
  shotgun (~> 0.8)
  sinatra (= 1.0)
