GEM
  remote: http://rubygems.org/
  specs:
    compass (0.10.6)
      haml (>= 3.0.4)
    grid-coordinates (1.1.4)
      compass (>= 0.10.5)
    haml (3.0.24)
    meyer-reset (2.0.0)
      compass (>= 0.10.5)
    rack (1.2.2)
    shotgun (0.9)
      rack (>= 1.0)
    sinatra (1.2.3)
      rack (~> 1.1)
      tilt (>= 1.2.2, < 2.0)
    tilt (1.2.2)

PLATFORMS
  ruby

DEPENDENCIES
  compass (~> 0.10.6)
  grid-coordinates (~> 1.1.4)
  haml (~> 3.0)
  meyer-reset (~> 2.0.0)
  shotgun (~> 0.9)
  sinatra (~> 1.2.3)
